GEM
  remote: https://rubygems.org/
  specs:
    addressable (2.3.3)
    exifr (1.1.3)
    faraday (0.8.7)
      multipart-post (~> 1.1)
    koala (1.6.0)
      addressable (~> 2.2)
      faraday (~> 0.8)
      multi_json (~> 1.3)
    multi_json (1.7.2)
    multipart-post (1.2.0)
    nokogiri (1.5.9)
    xmp (0.2.0)
      nokogiri (~> 1.5.0)
    yamler (0.1.0)

PLATFORMS
  ruby

DEPENDENCIES
  exifr
  koala
  xmp
  yamler
